GIT
  remote: git://github.com/capistrano/symfony.git
  revision: bf16643ab6c53aaedd8d606aeff91c74cb06e9eb
  specs:
    capistrano-symfony (0.1.0)
      capistrano (~> 3.1)
      capistrano-composer (~> 0.0.3)
      capistrano-file-permissions (~> 0.1.0)

GEM
  remote: https://rubygems.org/
  specs:
    capistrano (3.2.1)
      i18n
      rake (>= 10.0.0)
      sshkit (~> 1.3)
    capistrano-composer (0.0.4)
      capistrano (>= 3.0.0.pre)
    capistrano-file-permissions (0.1.0)
      capistrano (>= 3.0.0)
    hipchat (1.1.0)
      httparty
    httparty (0.13.1)
      json (~> 1.8)
      multi_xml (>= 0.5.2)
    i18n (0.6.9)
    json (1.8.1)
    multi_xml (0.5.5)
    net-scp (1.2.1)
      net-ssh (>= 2.6.5)
    net-ssh (2.9.1)
    rake (10.3.2)
    sass (3.4.3)
    sshkit (1.4.0)
      net-scp (>= 1.1.2)
      net-ssh (>= 2.8.0)
      term-ansicolor
    term-ansicolor (1.3.0)
      tins (~> 1.0)
    tins (1.3.0)

PLATFORMS
  ruby

DEPENDENCIES
  capistrano (~> 3.1)
  capistrano-symfony (~> 0.1)!
  hipchat
  sass (~> 3.4)
